PATH
  remote: .
  specs:
    sma_exporter (0.1.0)
      prometheus-client
      rack
      unicorn

GEM
  remote: https://rubygems.org/
  specs:
    coderay (1.1.3)
    kgio (2.11.4)
    method_source (1.0.0)
    prometheus-client (4.2.2)
    pry (0.14.2)
      coderay (~> 1.1)
      method_source (~> 1.0)
    rack (3.0.8)
    raindrops (0.20.1)
    rake (13.1.0)
    unicorn (6.1.0)
      kgio (~> 2.6)
      raindrops (~> 0.7)

PLATFORMS
  ruby

DEPENDENCIES
  bundler
  pry
  rake
  sma_exporter!

BUNDLED WITH
   2.4.7
